GEM
  remote: http://rubygems.org/
  specs:
    addressable (2.3.2)
    crack (0.1.8)
    diff-lcs (1.1.3)
    git (1.2.5)
    httparty (0.7.8)
      crack (= 0.1.8)
    jeweler (1.8.4)
      bundler (~> 1.0)
      git (>= 1.2.5)
      rake
      rdoc
    json (1.7.5)
    rake (0.9.2.2)
    rdoc (3.12)
      json (~> 1.4)
    rspec (2.8.0)
      rspec-core (~> 2.8.0)
      rspec-expectations (~> 2.8.0)
      rspec-mocks (~> 2.8.0)
    rspec-core (2.8.0)
    rspec-expectations (2.8.0)
      diff-lcs (~> 1.1.2)
    rspec-mocks (2.8.0)
    webmock (1.8.7)
      addressable (>= 2.2.7)
      crack (>= 0.1.7)
    yard (0.8.2.1)

PLATFORMS
  ruby

DEPENDENCIES
  bundler (~> 1.1.5)
  httparty
  jeweler (~> 1.8.4)
  rspec (~> 2.8.0)
  webmock (~> 1.8.7)
  yard (~> 0.7)
